GEM
  remote: https://rubygems.org/
  specs:
    byebug (11.1.3)
    io-wait (0.2.1)
    mail (2.7.1)
      mini_mime (>= 0.1.1)
    mini_mime (1.1.2)
    net-http (0.2.0)
      net-protocol
      uri
    net-protocol (0.1.2)
      io-wait
      timeout
    nokogiri (1.13.1-x86_64-linux)
      racc (~> 1.4)
    racc (1.6.0)
    timeout (0.2.0)
    uri (0.11.0)

PLATFORMS
  x86_64-linux

DEPENDENCIES
  byebug
  mail
  net-http
  nokogiri

BUNDLED WITH
   2.3.6
